GEM
  remote: https://rubygems.org/
  specs:
    rainbow (3.0.0)

PLATFORMS
  ruby

DEPENDENCIES
  rainbow

RUBY VERSION
   ruby 2.3.3p222

BUNDLED WITH
   1.16.2
